PATH
  remote: .
  specs:
    minitest-no_assertions (0.1.0)
      minitest

GEM
  remote: https://rubygems.org/
  specs:
    minitest (5.11.3)
    rake (10.5.0)

PLATFORMS
  ruby

DEPENDENCIES
  bundler (~> 1.16)
  minitest-no_assertions!
  rake (~> 10.0)

BUNDLED WITH
   1.16.4
